GEM
  remote: https://rubygems.org/
  specs:
    diff-lcs (1.1.3)
    facter (1.7.3)
    hiera (1.2.1)
      json_pure
    json_pure (1.8.0)
    metaclass (0.0.1)
    mocha (0.10.5)
      metaclass (~> 0.0.1)
    puppet (3.2.4)
      facter (~> 1.6)
      hiera (~> 1.0)
      rgen (~> 0.6.5)
    puppetlabs_spec_helper (0.4.1)
      mocha (>= 0.10.5)
      rake
      rspec (>= 2.9.0)
      rspec-puppet (>= 0.1.1)
    rake (10.1.0)
    rgen (0.6.6)
    rspec (2.11.0)
      rspec-core (~> 2.11.0)
      rspec-expectations (~> 2.11.0)
      rspec-mocks (~> 2.11.0)
    rspec-core (2.11.1)
    rspec-expectations (2.11.3)
      diff-lcs (~> 1.1.3)
    rspec-mocks (2.11.3)
    rspec-puppet (0.1.6)
      rspec

PLATFORMS
  ruby

DEPENDENCIES
  facter (~> 1.6)
  hiera (~> 1.0)
  minitar (~> 0.5.4)
  mocha (~> 0.10.5)
  puppet (~> 3.2.3)
  puppetlabs_spec_helper
  rspec (~> 2.11.0)
  sys-admin (~> 1.5.6)
  win32-dir (~> 0.3.7)
  win32-eventlog (~> 0.5.3)
  win32-process (~> 0.6.5)
  win32-security (~> 0.1.4)
  win32-service (~> 0.7.2)
  win32-taskscheduler (~> 0.2.2)
  win32console (~> 1.3.2)
